GEM
  remote: https://rubygems.org/
  specs:
    colorize (0.7.7)
    flowdock (0.7.1)
      httparty (~> 0.7)
      multi_json
    httparty (0.13.7)
      json (~> 1.8)
      multi_xml (>= 0.5.2)
    json (1.8.3)
    multi_json (1.11.2)
    multi_xml (0.5.5)

PLATFORMS
  ruby

DEPENDENCIES
  colorize
  flowdock
  json

BUNDLED WITH
   1.11.2
